GEM
  remote: https://rubygems.org/
  specs:
    elasticsearch (1.0.8)
      elasticsearch-api (= 1.0.7)
      elasticsearch-transport (= 1.0.7)
    elasticsearch-api (1.0.7)
      multi_json
    elasticsearch-transport (1.0.7)
      faraday
      multi_json
    faraday (0.9.1)
      multipart-post (>= 1.2, < 3)
    multi_json (1.11.0)
    multipart-post (2.0.0)
    progressbar (0.21.0)

PLATFORMS
  ruby

DEPENDENCIES
  elasticsearch
  progressbar
